GEM
  remote: https://rubygems.org/
  specs:
    csv (0.1.0)
    sqlite3 (1.3.13)

PLATFORMS
  ruby

DEPENDENCIES
  csv
  sqlite3

BUNDLED WITH
   1.15.4
